GEM
  remote: https://rubygems.org/
  specs:
    addressable (2.3.5)
    byebug (2.3.1)
      columnize (~> 0.3.6)
      debugger-linecache (~> 1.2.0)
    coderay (1.1.0)
    columnize (0.3.6)
    debugger-linecache (1.2.0)
    faraday (0.8.8)
      multipart-post (~> 1.2.0)
    koala (1.8.0rc1)
      addressable
      faraday
      multi_json
    method_source (0.8.2)
    multi_json (1.8.2)
    multipart-post (1.2.0)
    pry (0.9.12.4)
      coderay (~> 1.0)
      method_source (~> 0.8)
      slop (~> 3.4)
    pry-byebug (1.2.0)
      byebug (~> 2.2)
      pry (~> 0.9.12)
    slop (3.4.7)
    sqlite3 (1.3.8)

PLATFORMS
  ruby

DEPENDENCIES
  koala (~> 1.8.0rc1)
  pry
  pry-byebug
  sqlite3
